PATH
  remote: .
  specs:
    bing (0.0.4)
      json
      net-http-persistent

GEM
  remote: https://rubygems.org/
  specs:
    json (1.7.7)
    net-http-persistent (2.8)

PLATFORMS
  ruby

DEPENDENCIES
  bing!
  net-http-persistent
